GEM
  remote: https://rubygems.org/
  specs:

PLATFORMS
  ruby
  x86_64-linux-gnu

DEPENDENCIES

BUNDLED WITH
   2.7.1
